GEM
  remote: https://rubygems.org/
  specs:
    CFPropertyList (2.1.2)
    rake (10.4.2)
    sqlite3 (1.3.10)
    xcpretty (0.1.12)

PLATFORMS
  ruby

DEPENDENCIES
  CFPropertyList (~> 2.1.1)
  rake
  sqlite3
  xcpretty

BUNDLED WITH
   1.10.6
